GEM
  remote: http://rubygems.org/
  specs:
    coffee-script (2.2.0)
      coffee-script-source
      execjs
    coffee-script-source (1.1.2)
    erubis (2.7.0)
    execjs (1.2.9)
      multi_json (~> 1.0)
    libv8 (3.3.10.2)
    multi_json (1.0.3)
    rack (1.3.3)
    rake (0.9.2)
    sass (3.1.7)
    shotgun (0.9)
      rack (>= 1.0)
    sinatra (1.2.6)
      rack (~> 1.1)
      tilt (< 2.0, >= 1.2.2)
    therubyracer (0.9.4)
      libv8 (~> 3.3.10)
    tilt (1.3.3)

PLATFORMS
  ruby

DEPENDENCIES
  coffee-script (>= 2.2.0)
  erubis (>= 2.7.0)
  rake (>= 0.9.2)
  sass (>= 3.1.7)
  shotgun (>= 0.9)
  sinatra (>= 1.2.6)
  therubyracer (>= 0.9.4)
